GIT
  remote: https://github.com/seanedwards/cfer-groups.git
  revision: d5c6ddd42238a2d619ecceeb5ffe785a20241fd6
  specs:
    cfer-groups (0.1.0)
      cfer (~> 0.5)

GEM
  remote: https://rubygems.org/
  specs:
    activesupport (5.0.2)
      concurrent-ruby (~> 1.0, >= 1.0.2)
      i18n (~> 0.7)
      minitest (~> 5.1)
      tzinfo (~> 1.1)
    aws-sdk (2.8.7)
      aws-sdk-resources (= 2.8.7)
    aws-sdk-core (2.8.7)
      aws-sigv4 (~> 1.0)
      jmespath (~> 1.0)
    aws-sdk-resources (2.8.7)
      aws-sdk-core (= 2.8.7)
    aws-sigv4 (1.0.0)
    cfer (0.5.0)
      activesupport (>= 3)
      aws-sdk (~> 2.2)
      aws-sdk-resources (~> 2.2)
      cri (~> 2.7)
      docile (~> 1.1)
      git (~> 1.3)
      highline (~> 1.7)
      preconditions (~> 0.3.0)
      rainbow (~> 2.1)
      semantic (~> 1.4)
      table_print (~> 1.5)
    cfer-provisioning (0.2.2)
      cfer
      erubis (~> 2.7.0)
    colored (1.2)
    concurrent-ruby (1.0.5)
    cri (2.7.1)
      colored (~> 1.2)
    docile (1.1.5)
    erubis (2.7.0)
    git (1.3.0)
    highline (1.7.8)
    i18n (0.8.1)
    jmespath (1.3.1)
    minitest (5.10.1)
    mixlib-shellout (2.2.7)
    preconditions (0.3.0)
    rainbow (2.2.1)
    rake (12.0.0)
    semantic (1.6.0)
    table_print (1.5.6)
    thread_safe (0.3.6)
    tzinfo (1.2.2)
      thread_safe (~> 0.1)

PLATFORMS
  ruby

DEPENDENCIES
  cfer
  cfer-groups!
  cfer-provisioning
  mixlib-shellout
  rake

BUNDLED WITH
   1.13.6
